PATH
  remote: .
  specs:
    sorbet-baml (0.3.0)
      sorbet-runtime (~> 0.5)

GEM
  remote: https://rubygems.org/
  specs:
    anthropic (1.5.0)
      connection_pool
    ast (2.4.3)
    async (2.27.3)
      console (~> 1.29)
      fiber-annotation
      io-event (~> 1.11)
      metrics (~> 0.12)
      traces (~> 0.15)
    benchmark (0.4.1)
    bigdecimal (3.2.2)
    byebug (11.1.3)
    concurrent-ruby (1.3.5)
    connection_pool (2.5.3)
    console (1.33.0)
      fiber-annotation
      fiber-local (~> 1.1)
      json
    date (3.4.1)
    diff-lcs (1.6.2)
    dry-configurable (1.3.0)
      dry-core (~> 1.1)
      zeitwerk (~> 2.6)
    dry-core (1.1.0)
      concurrent-ruby (~> 1.0)
      logger
      zeitwerk (~> 2.6)
    dry-logger (1.1.0)
    dspy (0.19.1)
      anthropic (~> 1.5.0)
      async (~> 2.23)
      dry-configurable (~> 1.0)
      dry-logger (~> 1.0)
      informers (~> 1.2)
      openai (~> 0.16.0)
      opentelemetry-exporter-otlp (~> 0.30)
      opentelemetry-sdk (~> 1.8)
      polars-df (~> 0.20.0)
      sorbet-runtime (~> 0.5)
      sorbet-schema (~> 0.3)
    erb (5.0.2)
    erubi (1.13.1)
    ffi (1.17.2-aarch64-linux-gnu)
    ffi (1.17.2-arm64-darwin)
    ffi (1.17.2-x86_64-linux-gnu)
    fiber-annotation (0.2.0)
    fiber-local (1.1.0)
      fiber-storage
    fiber-storage (1.0.1)
    google-protobuf (4.32.0-aarch64-linux-gnu)
      bigdecimal
      rake (>= 13)
    google-protobuf (4.32.0-arm64-darwin)
      bigdecimal
      rake (>= 13)
    google-protobuf (4.32.0-x86_64-darwin)
      bigdecimal
      rake (>= 13)
    google-protobuf (4.32.0-x86_64-linux-gnu)
      bigdecimal
      rake (>= 13)
    googleapis-common-protos-types (1.20.0)
      google-protobuf (>= 3.18, < 5.a)
    informers (1.2.1)
      onnxruntime (>= 0.9)
      tokenizers (>= 0.5.3)
    io-console (0.8.1)
    io-event (1.12.1)
    irb (1.15.2)
      pp (>= 0.6.0)
      rdoc (>= 4.0.0)
      reline (>= 0.4.2)
    json (2.13.2)
    language_server-protocol (3.17.0.5)
    lint_roller (1.1.0)
    logger (1.7.0)
    metrics (0.13.0)
    netrc (0.11.0)
    onnxruntime (0.10.0-aarch64-linux)
      ffi
    onnxruntime (0.10.0-arm64-darwin)
      ffi
    onnxruntime (0.10.0-x86_64-darwin)
      ffi
    onnxruntime (0.10.0-x86_64-linux)
      ffi
    openai (0.16.0)
      connection_pool
    opentelemetry-api (1.6.0)
    opentelemetry-common (0.22.0)
      opentelemetry-api (~> 1.0)
    opentelemetry-exporter-otlp (0.30.0)
      google-protobuf (>= 3.18)
      googleapis-common-protos-types (~> 1.3)
      opentelemetry-api (~> 1.1)
      opentelemetry-common (~> 0.20)
      opentelemetry-sdk (~> 1.2)
      opentelemetry-semantic_conventions
    opentelemetry-registry (0.4.0)
      opentelemetry-api (~> 1.1)
    opentelemetry-sdk (1.8.1)
      opentelemetry-api (~> 1.1)
      opentelemetry-common (~> 0.20)
      opentelemetry-registry (~> 0.2)
      opentelemetry-semantic_conventions
    opentelemetry-semantic_conventions (1.11.0)
      opentelemetry-api (~> 1.0)
    parallel (1.27.0)
    parser (3.3.9.0)
      ast (~> 2.4.1)
      racc
    polars-df (0.20.0-aarch64-linux)
      bigdecimal
    polars-df (0.20.0-arm64-darwin)
      bigdecimal
    polars-df (0.20.0-x86_64-darwin)
      bigdecimal
    polars-df (0.20.0-x86_64-linux)
      bigdecimal
    pp (0.6.2)
      prettyprint
    prettyprint (0.2.0)
    prism (1.4.0)
    psych (5.2.6)
      date
      stringio
    racc (1.8.1)
    rainbow (3.1.1)
    rake (13.3.0)
    rbi (0.3.6)
      prism (~> 1.0)
      rbs (>= 3.4.4)
    rbs (3.9.4)
      logger
    rdoc (6.14.2)
      erb
      psych (>= 4.0.0)
    regexp_parser (2.11.2)
    reline (0.6.2)
      io-console (~> 0.5)
    rexml (3.4.1)
    rspec (3.13.1)
      rspec-core (~> 3.13.0)
      rspec-expectations (~> 3.13.0)
      rspec-mocks (~> 3.13.0)
    rspec-core (3.13.5)
      rspec-support (~> 3.13.0)
    rspec-expectations (3.13.5)
      diff-lcs (>= 1.2.0, < 2.0)
      rspec-support (~> 3.13.0)
    rspec-mocks (3.13.5)
      diff-lcs (>= 1.2.0, < 2.0)
      rspec-support (~> 3.13.0)
    rspec-support (3.13.4)
    rubocop (1.79.2)
      json (~> 2.3)
      language_server-protocol (~> 3.17.0.2)
      lint_roller (~> 1.1.0)
      parallel (~> 1.10)
      parser (>= 3.3.0.2)
      rainbow (>= 2.2.2, < 4.0)
      regexp_parser (>= 2.9.3, < 3.0)
      rubocop-ast (>= 1.46.0, < 2.0)
      ruby-progressbar (~> 1.7)
      unicode-display_width (>= 2.4.0, < 4.0)
    rubocop-ast (1.46.0)
      parser (>= 3.3.7.2)
      prism (~> 1.4)
    rubocop-sorbet (0.10.5)
      lint_roller
      rubocop (>= 1.75.2)
    ruby-progressbar (1.13.0)
    sorbet (0.5.12414)
      sorbet-static (= 0.5.12414)
    sorbet-result (1.4.0)
      sorbet-runtime (~> 0.5)
    sorbet-runtime (0.5.12414)
    sorbet-schema (0.9.2)
      sorbet-result (~> 1.1)
      sorbet-runtime (~> 0.5)
      sorbet-struct-comparable (~> 1.3)
      zeitwerk (~> 2.6)
    sorbet-static (0.5.12414-aarch64-linux)
    sorbet-static (0.5.12414-universal-darwin)
    sorbet-static (0.5.12414-x86_64-linux)
    sorbet-static-and-runtime (0.5.12414)
      sorbet (= 0.5.12414)
      sorbet-runtime (= 0.5.12414)
    sorbet-struct-comparable (1.3.0)
      sorbet-runtime (>= 0.5)
    spoom (1.6.3)
      erubi (>= 1.10.0)
      prism (>= 0.28.0)
      rbi (>= 0.3.3)
      rexml (>= 3.2.6)
      sorbet-static-and-runtime (>= 0.5.10187)
      thor (>= 0.19.2)
    stringio (3.1.7)
    tapioca (0.16.11)
      benchmark
      bundler (>= 2.2.25)
      netrc (>= 0.11.0)
      parallel (>= 1.21.0)
      rbi (~> 0.2)
      sorbet-static-and-runtime (>= 0.5.11087)
      spoom (>= 1.2.0)
      thor (>= 1.2.0)
      yard-sorbet
    thor (1.4.0)
    tokenizers (0.5.5-aarch64-linux)
    tokenizers (0.5.5-arm64-darwin)
    tokenizers (0.5.5-x86_64-darwin)
    tokenizers (0.5.5-x86_64-linux)
    traces (0.17.0)
    unicode-display_width (3.1.5)
      unicode-emoji (~> 4.0, >= 4.0.4)
    unicode-emoji (4.0.4)
    yard (0.9.37)
    yard-sorbet (0.9.0)
      sorbet-runtime
      yard
    zeitwerk (2.7.3)

PLATFORMS
  aarch64-linux
  universal-darwin
  x86_64-linux

DEPENDENCIES
  byebug (~> 11.1)
  dspy (~> 0.1, >= 0.1.0)
  irb
  rake (~> 13.0)
  rspec (~> 3.13)
  rubocop (~> 1.66)
  rubocop-sorbet (~> 0.8)
  sorbet (~> 0.5)
  sorbet-baml!
  tapioca (~> 0.16)

BUNDLED WITH
   2.6.9
